GEM
  remote: https://rubygems.org/
  specs:
    chronic_duration (0.10.2)
      numerizer (~> 0.1.1)
    diff-lcs (1.2.4)
    numerizer (0.1.1)
    rspec (2.14.1)
      rspec-core (~> 2.14.0)
      rspec-expectations (~> 2.14.0)
      rspec-mocks (~> 2.14.0)
    rspec-core (2.14.5)
    rspec-expectations (2.14.2)
      diff-lcs (>= 1.1.3, < 2.0)
    rspec-mocks (2.14.3)
    selenium-client (1.2.18)
    spec (5.0.19)
      chronic_duration (~> 0.10.2)
    test-spec (0.10.0)

PLATFORMS
  ruby

DEPENDENCIES
  rspec
  selenium-client
  spec
  test-spec
