GEM
  remote: https://rubygems.org/
  specs:
    builder (3.2.2)
    childprocess (0.3.9)
      ffi (~> 1.0, >= 1.0.11)
    chronic_duration (0.10.2)
      numerizer (~> 0.1.1)
    ci_reporter (1.9.2)
      builder (>= 2.1.2)
    ffi (1.9.0)
    multi_json (1.7.9)
    numerizer (0.1.1)
    rake (10.1.1)
    rubyzip (0.9.9)
    selenium-client (1.2.18)
    selenium-webdriver (2.35.1)
      childprocess (>= 0.2.5)
      multi_json (~> 1.0)
      rubyzip (< 1.0.0)
      websocket (~> 1.0.4)
    spec (5.0.19)
      chronic_duration (~> 0.10.2)
    test-spec (0.10.0)
    websocket (1.0.7)

PLATFORMS
  ruby

DEPENDENCIES
  ci_reporter
  rake
  selenium-client
  selenium-webdriver
  spec
  test-spec
