GEM
  remote: https://rubygems.org/
  specs:
    childprocess (0.3.9)
      ffi (~> 1.0, >= 1.0.11)
    chronic_duration (0.10.2)
      numerizer (~> 0.1.1)
    diff-lcs (1.2.4)
    ffi (1.9.0)
    multi_json (1.7.9)
    numerizer (0.1.1)
    rspec (2.14.1)
      rspec-core (~> 2.14.0)
      rspec-expectations (~> 2.14.0)
      rspec-mocks (~> 2.14.0)
    rspec-core (2.14.5)
    rspec-expectations (2.14.2)
      diff-lcs (>= 1.1.3, < 2.0)
    rspec-mocks (2.14.3)
    rubyzip (0.9.9)
    selenium-client (1.2.18)
    selenium-webdriver (2.35.1)
      childprocess (>= 0.2.5)
      multi_json (~> 1.0)
      rubyzip (< 1.0.0)
      websocket (~> 1.0.4)
    spec (5.0.19)
      chronic_duration (~> 0.10.2)
    test-spec (0.10.0)
    websocket (1.0.7)

PLATFORMS
  ruby

DEPENDENCIES
  rspec
  selenium-client
  selenium-webdriver
  spec
  test-spec
